GEM
  remote: https://rubygems.org/
  specs:
    rb-fsevent (0.10.3)

PLATFORMS
  ruby

DEPENDENCIES
  rb-fsevent

BUNDLED WITH
   1.16.0
